GEM
  remote: https://rubygems.org/
  specs:
    ffaker (2.7.0)

PLATFORMS
  ruby

DEPENDENCIES
  ffaker

BUNDLED WITH
   1.15.4
